GIT
  remote: git://github.com/bfoz/geometry.git
  revision: 3054ccba59f184c172be52a6f0b7cf4a33f617a5
  ref: 3054ccba59f184c172be52a6f0b7cf4a33f617a5
  specs:
    geometry (6.5)

PATH
  remote: .
  specs:
    dxf (0.3.1)

GEM
  remote: https://rubygems.org/
  specs:
    minitest (5.9.0)
    rake (11.2.2)

PLATFORMS
  ruby

DEPENDENCIES
  dxf!
  geometry!
  minitest
  rake

BUNDLED WITH
   1.16.6
